GEM
  remote: http://rubygems.org/
  specs:
    crack (0.1.6)
    haml (3.1.4)
    hashie (0.1.8)
    help_spot (0.0.7)
      hashie (~> 0.1.8)
      hashie (~> 0.1.8)
      httparty (~> 0.5.0)
      httparty (~> 0.5.0)
    httparty (0.5.2)
      crack (= 0.1.6)
    rack (1.3.5)
    rack-protection (1.1.4)
      rack
    sinatra (1.3.1)
      rack (>= 1.3.4, ~> 1.3)
      rack-protection (>= 1.1.2, ~> 1.1)
      tilt (>= 1.3.3, ~> 1.3)
    tilt (1.3.3)

PLATFORMS
  ruby

DEPENDENCIES
  haml
  help_spot
  sinatra
