GEM
  remote: http://rubygems.org/
  specs:
    addressable (2.2.6)
    bcrypt-ruby (3.0.1)
    crack (0.1.6)
    data_mapper (1.2.0)
      dm-aggregates (~> 1.2.0)
      dm-constraints (~> 1.2.0)
      dm-core (~> 1.2.0)
      dm-migrations (~> 1.2.0)
      dm-serializer (~> 1.2.0)
      dm-timestamps (~> 1.2.0)
      dm-transactions (~> 1.2.0)
      dm-types (~> 1.2.0)
      dm-validations (~> 1.2.0)
    dm-aggregates (1.2.0)
      dm-core (~> 1.2.0)
    dm-constraints (1.2.0)
      dm-core (~> 1.2.0)
    dm-core (1.2.0)
      addressable (~> 2.2.6)
    dm-migrations (1.2.0)
      dm-core (~> 1.2.0)
    dm-serializer (1.2.1)
      dm-core (~> 1.2.0)
      fastercsv (~> 1.5.4)
      json (~> 1.6.1)
      json_pure (~> 1.6.1)
      multi_json (~> 1.0.3)
    dm-timestamps (1.2.0)
      dm-core (~> 1.2.0)
    dm-transactions (1.2.0)
      dm-core (~> 1.2.0)
    dm-types (1.2.1)
      bcrypt-ruby (~> 3.0.0)
      dm-core (~> 1.2.0)
      fastercsv (~> 1.5.4)
      json (~> 1.6.1)
      multi_json (~> 1.0.3)
      stringex (~> 1.3.0)
      uuidtools (~> 2.1.2)
    dm-validations (1.2.0)
      dm-core (~> 1.2.0)
    fastercsv (1.5.4)
    haml (3.1.4)
    hashie (0.1.8)
    help_spot (0.0.7)
      hashie (~> 0.1.8)
      hashie (~> 0.1.8)
      httparty (~> 0.5.0)
      httparty (~> 0.5.0)
    httparty (0.5.2)
      crack (= 0.1.6)
    json (1.6.4)
    json_pure (1.6.4)
    multi_json (1.0.4)
    rack (1.4.0)
    rack-flash (0.1.2)
      rack
    rack-protection (1.2.0)
      rack
    sinatra (1.3.2)
      rack (>= 1.3.6, ~> 1.3)
      rack-protection (~> 1.2)
      tilt (>= 1.3.3, ~> 1.3)
    sinatra-redirect-with-flash (0.1.2)
      rack-flash (>= 0.1.1)
      sinatra (>= 0.9.1)
    stringex (1.3.0)
    tilt (1.3.3)
    uuidtools (2.1.2)

PLATFORMS
  ruby

DEPENDENCIES
  data_mapper
  haml
  help_spot
  rack-flash
  sinatra
  sinatra-redirect-with-flash
